GEM
  remote: https://rubygems.org/
  specs:
    base64 (0.2.0)
    connection_pool (2.4.1)
    diff-lcs (1.5.1)
    mustermann (3.0.0)
      ruby2_keywords (~> 0.0.1)
    net-http (0.4.1)
      uri
    nio4r (2.7.3)
    nokogiri (1.16.5-x86_64-linux)
      racc (~> 1.4)
    puma (6.4.2)
      nio4r (~> 2.0)
    racc (1.8.0)
    rack (2.2.9)
    rack-attack (5.4.2)
      rack (>= 1.0, < 3)
    rack-protection (3.2.0)
      base64 (>= 0.1.0)
      rack (~> 2.2, >= 2.2.4)
    rack-test (2.1.0)
      rack (>= 1.3)
    redis (5.2.0)
      redis-client (>= 0.22.0)
    redis-client (0.22.2)
      connection_pool
    rspec (3.13.0)
      rspec-core (~> 3.13.0)
      rspec-expectations (~> 3.13.0)
      rspec-mocks (~> 3.13.0)
    rspec-core (3.13.0)
      rspec-support (~> 3.13.0)
    rspec-expectations (3.13.0)
      diff-lcs (>= 1.2.0, < 2.0)
      rspec-support (~> 3.13.0)
    rspec-mocks (3.13.1)
      diff-lcs (>= 1.2.0, < 2.0)
      rspec-support (~> 3.13.0)
    rspec-support (3.13.1)
    ruby2_keywords (0.0.5)
    sinatra (3.2.0)
      mustermann (~> 3.0)
      rack (~> 2.2, >= 2.2.4)
      rack-protection (= 3.2.0)
      tilt (~> 2.0)
    tilt (2.3.0)
    uri (0.13.0)
    victor (0.3.4)
    webrick (1.8.1)

PLATFORMS
  x86_64-linux

DEPENDENCIES
  net-http (~> 0.4.1)
  nokogiri (~> 1.15, >= 1.15.4)
  puma
  rack
  rack-attack (~> 5.0, >= 5.0.1)
  rack-test
  redis (~> 5.2)
  rspec
  sinatra (~> 3.2)
  victor (~> 0.3.4)
  webrick

RUBY VERSION
   ruby 3.3.0p0

BUNDLED WITH
   2.5.10
