GEM
  remote: https://rubygems.org/
  specs:
    connection_pool (2.4.1)
    diff-lcs (1.5.1)
    net-http (0.4.1)
      uri
    nokogiri (1.16.5-x86_64-linux)
      racc (~> 1.4)
    racc (1.8.0)
    rack (1.6.13)
    rack-attack (5.4.2)
      rack (>= 1.0, < 3)
    rack-protection (1.5.5)
      rack
    rack-test (2.1.0)
      rack (>= 1.3)
    redis (5.2.0)
      redis-client (>= 0.22.0)
    redis-client (0.22.2)
      connection_pool
    rspec (3.4.0)
      rspec-core (~> 3.4.0)
      rspec-expectations (~> 3.4.0)
      rspec-mocks (~> 3.4.0)
    rspec-core (3.4.4)
      rspec-support (~> 3.4.0)
    rspec-expectations (3.4.0)
      diff-lcs (>= 1.2.0, < 2.0)
      rspec-support (~> 3.4.0)
    rspec-mocks (3.4.1)
      diff-lcs (>= 1.2.0, < 2.0)
      rspec-support (~> 3.4.0)
    rspec-support (3.4.1)
    sinatra (1.4.8)
      rack (~> 1.5)
      rack-protection (~> 1.4)
      tilt (>= 1.3, < 3)
    tilt (2.3.0)
    uri (0.13.0)
    victor (0.3.4)

PLATFORMS
  x86_64-linux

DEPENDENCIES
  net-http (~> 0.4.1)
  nokogiri (~> 1.15, >= 1.15.4)
  rack
  rack-attack (~> 5.0, >= 5.0.1)
  rack-test
  redis (~> 5.2)
  rspec
  sinatra (~> 1.4, >= 1.4.7)
  victor (~> 0.3.4)

RUBY VERSION
   ruby 3.3.0p0

BUNDLED WITH
   2.5.10
